GIT
  remote: git://github.com/alf-tool/alf
  revision: 516e61c23a62d8d2254f56ccd19e08328df1476c
  specs:
    alf (0.13.0)
      backports (~> 2.6)
      domain (~> 1.0.0.rc4)
      myrrha (~> 3.0.0.rc7)
      path (~> 1.3)
      quickl (~> 0.4.3)
      sexpr (~> 0.5.1)

GIT
  remote: git://github.com/alf-tool/alf-rest
  revision: 6b7d199bd0122512018db37ae6e561650a1f549a
  specs:
    alf-rest (0.1.0)
      alf (~> 0.13.0)
      sinatra (~> 1.3)

GIT
  remote: git://github.com/alf-tool/alf-sequel
  revision: 6fd087b995d2247ca3c451b413761508f634f42e
  specs:
    alf-sequel (0.13.0)
      alf (~> 0.13.0)
      sequel (~> 3.36)

GIT
  remote: git://github.com/sinatra/sinatra
  revision: 38f71248f839b95f6d17747a2c177bdd83f95f78
  specs:
    sinatra (1.4.0)
      rack (~> 1.3, >= 1.3.6)
      rack-protection (~> 1.2)
      tilt (~> 1.3, >= 1.3.3)

GEM
  remote: http://rubygems.org/
  specs:
    awesome_print (1.0.2)
    backports (2.6.5)
    citrus (2.4.1)
    daemons (1.1.9)
    diff-lcs (1.1.3)
    domain (1.0.0.rc4)
    epath (0.4.0)
    eventmachine (1.0.0)
    myrrha (3.0.0.rc7)
      domain (~> 1.0.0.rc3)
    path (1.3.1)
    pg (0.13.2)
    quickl (0.4.3)
    rack (1.4.1)
    rack-protection (1.2.0)
      rack
    rack-test (0.6.2)
      rack (>= 1.0)
    rake (0.9.5)
    rspec (2.12.0)
      rspec-core (~> 2.12.0)
      rspec-expectations (~> 2.12.0)
      rspec-mocks (~> 2.12.0)
    rspec-core (2.12.0)
    rspec-expectations (2.12.0)
      diff-lcs (~> 1.1.3)
    rspec-mocks (2.12.0)
    sequel (3.41.0)
    sexpr (0.5.1)
    sqlite3 (1.3.6)
    temple (0.4.0)
    thin (1.5.0)
      daemons (>= 1.0.9)
      eventmachine (>= 0.12.6)
      rack (>= 1.0.0)
    tilt (1.3.3)
    wlang (2.1.0)
      awesome_print (~> 1.0.2)
      backports (~> 2.6)
      citrus (~> 2.4.1)
      epath (>= 0.2)
      quickl (~> 0.4.3)
      temple (~> 0.4.0)

PLATFORMS
  ruby

DEPENDENCIES
  alf!
  alf-rest!
  alf-sequel!
  awesome_print
  pg
  rack-test
  rake
  rspec
  sequel
  sinatra!
  sqlite3
  thin
  wlang (~> 2.1)
